PATH
  remote: .
  specs:
    bandshell (0.9)
      daemons
      ipaddress
      sinatra
      sys-proctable
      sys-uptime

GEM
  remote: https://rubygems.org/
  specs:
    backports (3.3.5)
    daemons (1.1.9)
    ffi (1.9.0)
    ipaddress (0.8.0)
    multi_json (1.8.2)
    rack (1.5.2)
    rack-protection (1.5.0)
      rack
    rack-test (0.6.2)
      rack (>= 1.0)
    sinatra (1.4.3)
      rack (~> 1.4)
      rack-protection (~> 1.4)
      tilt (~> 1.3, >= 1.3.4)
    sinatra-contrib (1.4.1)
      backports (>= 2.0)
      multi_json
      rack-protection
      rack-test
      sinatra (~> 1.4.0)
      tilt (~> 1.3)
    sys-proctable (0.9.3)
    sys-uptime (0.6.1)
      ffi (>= 1.0.0)
    tilt (1.4.1)

PLATFORMS
  ruby

DEPENDENCIES
  bandshell!
  sinatra-contrib
