PATH
  remote: .
  specs:
    bandshell (0.0.20)
      daemons
      haml
      ipaddress
      sinatra
      sys-proctable
      sys-uptime

GEM
  remote: https://rubygems.org/
  specs:
    daemons (1.1.9)
    ffi (1.9.0)
    haml (4.0.3)
      tilt
    ipaddress (0.8.0)
    rack (1.5.2)
    rack-protection (1.5.0)
      rack
    sinatra (1.4.3)
      rack (~> 1.4)
      rack-protection (~> 1.4)
      tilt (~> 1.3, >= 1.3.4)
    sys-proctable (0.9.3)
    sys-uptime (0.6.1)
      ffi (>= 1.0.0)
    tilt (1.4.1)

PLATFORMS
  ruby

DEPENDENCIES
  bandshell!
